PATH
  remote: .
  specs:
    bricolage-streamingload (0.15.2)
      aws-sdk-s3 (~> 1.8)
      aws-sdk-sqs (~> 1.3)
      bricolage (>= 5.29.2)
      pg (~> 0.18.0)

GEM
  remote: https://rubygems.org/
  specs:
    aws-eventstream (1.0.1)
    aws-partitions (1.102.0)
    aws-sdk-core (3.25.0)
      aws-eventstream (~> 1.0)
      aws-partitions (~> 1.0)
      aws-sigv4 (~> 1.0)
      jmespath (~> 1.0)
    aws-sdk-kms (1.7.0)
      aws-sdk-core (~> 3)
      aws-sigv4 (~> 1.0)
    aws-sdk-s3 (1.17.1)
      aws-sdk-core (~> 3, >= 3.21.2)
      aws-sdk-kms (~> 1)
      aws-sigv4 (~> 1.0)
    aws-sdk-sns (1.3.0)
      aws-sdk-core (~> 3)
      aws-sigv4 (~> 1.0)
    aws-sdk-sqs (1.4.0)
      aws-sdk-core (~> 3)
      aws-sigv4 (~> 1.0)
    aws-sigv4 (1.0.3)
    bricolage (5.29.2)
      aws-sdk-s3 (~> 1)
      aws-sdk-sns (~> 1)
      pg (~> 0.18.0)
    jmespath (1.4.0)
    pg (0.18.4)
    power_assert (1.1.3)
    rake (12.3.1)
    test-unit (3.2.8)
      power_assert

PLATFORMS
  ruby

DEPENDENCIES
  bricolage-streamingload!
  rake
  test-unit

BUNDLED WITH
   1.16.1
