PATH
  remote: .
  specs:
    bricolage-streamingload (0.14.2)
      aws-sdk-s3 (~> 1)
      aws-sdk-sqs (~> 1)
      bricolage (>= 5.26)
      pg (~> 0.18.0)

GEM
  remote: https://rubygems.org/
  specs:
    aws-partitions (1.63.0)
    aws-sdk-core (3.15.0)
      aws-partitions (~> 1.0)
      aws-sigv4 (~> 1.0)
      jmespath (~> 1.0)
    aws-sdk-kms (1.5.0)
      aws-sdk-core (~> 3)
      aws-sigv4 (~> 1.0)
    aws-sdk-s3 (1.8.1)
      aws-sdk-core (~> 3)
      aws-sdk-kms (~> 1)
      aws-sigv4 (~> 1.0)
    aws-sdk-sns (1.1.0)
      aws-sdk-core (~> 3)
      aws-sigv4 (~> 1.0)
    aws-sdk-sqs (1.3.0)
      aws-sdk-core (~> 3)
      aws-sigv4 (~> 1.0)
    aws-sigv4 (1.0.2)
    bricolage (5.27.0)
      aws-sdk-s3 (~> 1)
      aws-sdk-sns (~> 1)
      pg (~> 0.18.0)
    coderay (1.1.2)
    jmespath (1.3.1)
    method_source (0.9.0)
    pg (0.18.4)
    power_assert (1.1.1)
    pry (0.11.3)
      coderay (~> 1.1.0)
      method_source (~> 0.9.0)
    rake (12.3.0)
    test-unit (3.2.7)
      power_assert

PLATFORMS
  ruby

DEPENDENCIES
  bricolage-streamingload!
  pry
  rake
  test-unit

BUNDLED WITH
   1.14.6
