PATH
  remote: .
  specs:
    bricolage-streamingload (0.16.1)
      aws-sdk-s3 (~> 1.8)
      aws-sdk-sqs (~> 1.3)
      bricolage (~> 5.30)
      pg (~> 0.18.0)
      sentry-raven (~> 3.0)

GEM
  remote: https://rubygems.org/
  specs:
    aws-eventstream (1.1.0)
    aws-partitions (1.351.0)
    aws-sdk-core (3.104.3)
      aws-eventstream (~> 1, >= 1.0.2)
      aws-partitions (~> 1, >= 1.239.0)
      aws-sigv4 (~> 1.1)
      jmespath (~> 1.0)
    aws-sdk-kms (1.36.0)
      aws-sdk-core (~> 3, >= 3.99.0)
      aws-sigv4 (~> 1.1)
    aws-sdk-s3 (1.75.0)
      aws-sdk-core (~> 3, >= 3.104.1)
      aws-sdk-kms (~> 1)
      aws-sigv4 (~> 1.1)
    aws-sdk-sns (1.28.0)
      aws-sdk-core (~> 3, >= 3.99.0)
      aws-sigv4 (~> 1.1)
    aws-sdk-sqs (1.30.0)
      aws-sdk-core (~> 3, >= 3.99.0)
      aws-sigv4 (~> 1.1)
    aws-sigv4 (1.2.1)
      aws-eventstream (~> 1, >= 1.0.2)
    bricolage (5.30.0)
      aws-sdk-s3 (~> 1)
      aws-sdk-sns (~> 1)
      pg (~> 0.18.0)
    faraday (1.0.1)
      multipart-post (>= 1.2, < 3)
    jmespath (1.4.0)
    multipart-post (2.1.1)
    pg (0.18.4)
    power_assert (1.1.3)
    rake (12.3.3)
    sentry-raven (3.0.0)
      faraday (>= 1.0)
    test-unit (3.2.8)
      power_assert

PLATFORMS
  ruby

DEPENDENCIES
  bricolage-streamingload!
  rake
  test-unit

BUNDLED WITH
   1.17.2
