PATH
  remote: .
  specs:
    bricolage-streamingload (0.11.0)
      aws-sdk (~> 2.6.2)
      bricolage (>= 5.19.0)
      pg (~> 0.18.0)

GEM
  remote: https://rubygems.org/
  specs:
    aws-sdk (2.6.50)
      aws-sdk-resources (= 2.6.50)
    aws-sdk-core (2.6.50)
      aws-sigv4 (~> 1.0)
      jmespath (~> 1.0)
    aws-sdk-resources (2.6.50)
      aws-sdk-core (= 2.6.50)
    aws-sigv4 (1.0.2)
    bricolage (5.24.3)
      aws-sdk (~> 2)
      mysql2
      pg (~> 0.18.0)
      redis (>= 3.0.0)
    coderay (1.1.2)
    jmespath (1.3.1)
    method_source (0.9.0)
    mysql2 (0.4.10)
    pg (0.18.4)
    power_assert (1.1.1)
    pry (0.11.3)
      coderay (~> 1.1.0)
      method_source (~> 0.9.0)
    rake (12.3.0)
    redis (4.0.1)
    test-unit (3.2.6)
      power_assert

PLATFORMS
  ruby

DEPENDENCIES
  bricolage-streamingload!
  pry
  rake
  test-unit

BUNDLED WITH
   1.14.6
